GEM
  remote: http://rubygems.org/
  specs:
    diff-lcs (1.1.3)
    grit (2.3.0)
      diff-lcs (~> 1.1)
      mime-types (~> 1.15)
    json (1.6.5)
    mime-types (1.17.2)
    rspec (2.8.0)
      rspec-core (~> 2.8.0)
      rspec-expectations (~> 2.8.0)
      rspec-mocks (~> 2.8.0)
    rspec-core (2.8.0)
    rspec-expectations (2.8.0)
      diff-lcs (~> 1.1.2)
    rspec-mocks (2.8.0)
    zmq (2.1.4)

PLATFORMS
  ruby

DEPENDENCIES
  grit (= 2.3)
  json (~> 1.6.5)
  rspec
  zmq (= 2.1.4)
